GEM
  remote: https://rubygems.org/
  specs:
    activesupport (3.2.18)
      i18n (~> 0.6, >= 0.6.4)
      multi_json (~> 1.0)
    awesome_print_motion (0.1.0)
    bubble-wrap (1.6.0)
      bubble-wrap-http (= 1.6.0)
    bubble-wrap-http (1.6.0)
    colored (1.2)
    i18n (0.6.9)
    ib (0.4.7)
      thor (~> 0.15.4)
      tilt (~> 1.4.1)
      xcodeproj (~> 0.16.0)
    menu-motion (0.1.2)
    multi_json (1.10.1)
    rake (10.3.2)
    thor (0.15.4)
    tilt (1.4.1)
    xcodeproj (0.16.1)
      activesupport (~> 3.0)
      colored (~> 1.2)

PLATFORMS
  ruby

DEPENDENCIES
  awesome_print_motion
  bubble-wrap
  ib
  menu-motion
  rake
